PATH
  remote: .
  specs:
    prawndown (0.0.2)
      prawn (~> 2.0)

GEM
  remote: https://rubygems.org/
  specs:
    Ascii85 (1.0.3)
    afm (0.2.2)
    docile (1.3.0)
    hashery (2.1.2)
    json (2.1.0)
    minitest (5.11.3)
    pdf-core (0.7.0)
    pdf-inspector (1.3.0)
      pdf-reader (>= 1.0, < 3.0.a)
    pdf-reader (2.1.0)
      Ascii85 (~> 1.0.0)
      afm (~> 0.2.1)
      hashery (~> 2.0)
      ruby-rc4
      ttfunk
    prawn (2.2.2)
      pdf-core (~> 0.7.0)
      ttfunk (~> 1.5)
    rake (10.5.0)
    ruby-rc4 (0.1.5)
    simplecov (0.16.1)
      docile (~> 1.1)
      json (>= 1.8, < 3)
      simplecov-html (~> 0.10.0)
    simplecov-html (0.10.2)
    ttfunk (1.5.1)

PLATFORMS
  ruby

DEPENDENCIES
  bundler (~> 1.16)
  minitest (~> 5.0)
  pdf-inspector (~> 1.3)
  prawndown!
  rake (~> 10.0)
  simplecov (~> 0.16.1)

BUNDLED WITH
   1.16.1
