PATH
  remote: .
  specs:
    prawndown (0.0.2)

GEM
  remote: https://rubygems.org/
  specs:
    minitest (5.11.3)
    rake (10.5.0)

PLATFORMS
  ruby

DEPENDENCIES
  bundler (~> 1.16)
  minitest (~> 5.0)
  prawndown!
  rake (~> 10.0)

BUNDLED WITH
   1.16.1
